GEM
  remote: https://rubygems.org/
  specs:
    activesupport (4.0.4)
      i18n (~> 0.6, >= 0.6.9)
      minitest (~> 4.2)
      multi_json (~> 1.3)
      thread_safe (~> 0.1)
      tzinfo (~> 0.3.37)
    atomic (1.1.16)
    faker (1.3.0)
      i18n (~> 0.5)
    i18n (0.6.9)
    minitest (4.7.5)
    multi_json (1.9.2)
    rspec-core (2.14.8)
    thread_safe (0.3.1)
      atomic (>= 1.1.7, < 2)
    tzinfo (0.3.39)

PLATFORMS
  ruby

DEPENDENCIES
  activesupport (~> 4.0.4)
  faker (~> 1.3.0)
  rspec-core (~> 2.14.8)
