GEM
  remote: https://rubygems.org/
  specs:
    hello-world (1.2.0)

PLATFORMS
  ruby

DEPENDENCIES
  hello-world
